GEM
  remote: https://rubygems.org/
  specs:
    concurrent-ruby (1.1.5)
    i18n (1.7.0)
      concurrent-ruby (~> 1.0)
    json (1.7.7)
    multi_json (1.3.6)
    rack (1.6.11)
    redis (3.0.1)
    webmachine (1.0.0)
      i18n (>= 0.4.0)
      multi_json

PLATFORMS
  ruby

DEPENDENCIES
  json (= 1.7.7)
  rack (= 1.6.11)
  redis (= 3.0.1)
  webmachine (= 1.0.0)
